STORAGE: NONE
RESTRICTION: == netstandard2.0
NUGET
  remote: https://www.nuget.org/api/v2
    Fable.Core (2.0.0-beta-001)
      FSharp.Core (>= 4.3.4)
    Fable.Elmish (1.0.3)
      Fable.Core (>= 1.3.8)
      Fable.PowerPack (>= 1.3.4)
      FSharp.Core (>= 4.2.3)
    Fable.Elmish.Browser (1.0)
      Fable.Core (>= 1.2.4)
      Fable.Elmish (>= 1.0)
      Fable.Import.Browser (>= 0.1)
      FSharp.Core (>= 4.2.3)
    Fable.Elmish.Debugger (1.0.1)
      Fable.Core (>= 1.3.1)
      Fable.Elmish (>= 1.0)
      FSharp.Core (>= 4.2.3)
    Fable.Elmish.HMR (1.0)
      Fable.Core (>= 1.2.4)
      Fable.Elmish (>= 0.9.2)
      FSharp.Core (>= 4.2.3)
    Fable.Elmish.React (1.0.3)
      Fable.Core (>= 1.3.8)
      Fable.Elmish (>= 1.0.1)
      Fable.PowerPack (>= 1.3.2)
      Fable.React (>= 2.0)
      FSharp.Core (>= 4.2.3)
    Fable.Import.Browser (1.2.0-beta-001)
      Fable.Core (>= 1.1.10)
      FSharp.Core (>= 4.2.3)
    Fable.PowerPack (2.0.0-beta-003)
      Fable.Core (>= 2.0.0-beta-001)
      Fable.Import.Browser (>= 1.2.0-beta-001)
      FSharp.Core (>= 4.5.2)
      Thoth.Json (>= 2.0.0-beta-003)
    Fable.React (4.0.0-alpha-001)
      Fable.Core (>= 2.0.0-alpha-006)
      Fable.Import.Browser (>= 1.1.1)
      FSharp.Core (>= 4.3.4)
    FSharp.Core (4.5.2) - redirects: force
    Fulma (1.0.0-beta-024)
      Fable.Core (>= 1.3.12)
      Fable.React (>= 3.1)
    Fulma.Elmish (0.1.0-beta-011)
      Fable.Core (>= 1.3.12)
      Fable.Elmish (>= 1.0.1)
      Fable.PowerPack (>= 1.4)
      Fable.React (>= 3.1)
      Fulma.Extensions (>= 1.0.0-beta-016)
    Fulma.Extensions (1.0.0-beta-016)
      Fable.Core (>= 1.3.12)
      Fable.React (>= 3.1)
      Fulma (>= 1.0.0-beta-019)
    Thoth.Json (2.0.0-beta-003)
      Fable.Core (>= 2.0.0-alpha-011)
      FSharp.Core (>= 4.5)

GROUP netcorebuild
STORAGE: NONE
RESTRICTION: == netstandard2.0
NUGET
  remote: https://www.nuget.org/api/v2
    dotnet-fable (2.0.0-alpha-028) - clitool: true
    dotnet-fake (5.1) - clitool: true
    Fake.Core.CommandLineParsing (5.1)
      FParsec (>= 1.0.3)
      FSharp.Core (>= 4.3.4)
    Fake.Core.Context (5.1)
      FSharp.Core (>= 4.3.4)
    Fake.Core.Environment (5.1)
      FSharp.Core (>= 4.3.4)
    Fake.Core.FakeVar (5.1)
      Fake.Core.Context (>= 5.1)
      FSharp.Core (>= 4.3.4)
    Fake.Core.Process (5.1)
      Fake.Core.Environment (>= 5.1)
      Fake.Core.FakeVar (>= 5.1)
      Fake.Core.String (>= 5.1)
      Fake.Core.Trace (>= 5.1)
      Fake.IO.FileSystem (>= 5.1)
      FSharp.Core (>= 4.3.4)
      System.Diagnostics.Process (>= 4.3)
    Fake.Core.ReleaseNotes (5.1)
      Fake.Core.SemVer (>= 5.1)
      Fake.Core.String (>= 5.1)
      FSharp.Core (>= 4.3.4)
    Fake.Core.SemVer (5.1)
      FSharp.Core (>= 4.3.4)
      System.Runtime.Numerics (>= 4.3)
    Fake.Core.String (5.1)
      FSharp.Core (>= 4.3.4)
    Fake.Core.Target (5.1)
      Fake.Core.CommandLineParsing (>= 5.1)
      Fake.Core.Context (>= 5.1)
      Fake.Core.Environment (>= 5.1)
      Fake.Core.FakeVar (>= 5.1)
      Fake.Core.Process (>= 5.1)
      Fake.Core.String (>= 5.1)
      Fake.Core.Trace (>= 5.1)
      FSharp.Control.Reactive (>= 4.1)
      FSharp.Core (>= 4.3.4)
      System.Reactive.Compatibility (>= 4.0)
    Fake.Core.Trace (5.1)
      Fake.Core.Environment (>= 5.1)
      Fake.Core.FakeVar (>= 5.1)
      FSharp.Core (>= 4.3.4)
    Fake.DotNet.Cli (5.1)
      Fake.Core.Environment (>= 5.1)
      Fake.Core.Process (>= 5.1)
      Fake.Core.String (>= 5.1)
      Fake.Core.Trace (>= 5.1)
      Fake.IO.FileSystem (>= 5.1)
      FSharp.Core (>= 4.3.4)
      Newtonsoft.Json (>= 11.0.2)
    Fake.DotNet.Paket (5.1)
      Fake.Core.Process (>= 5.1)
      Fake.Core.String (>= 5.1)
      Fake.Core.Trace (>= 5.1)
      Fake.IO.FileSystem (>= 5.1)
      FSharp.Core (>= 4.3.4)
    Fake.IO.FileSystem (5.1)
      Fake.Core.String (>= 5.1)
      FSharp.Core (>= 4.3.4)
      System.Diagnostics.FileVersionInfo (>= 4.3)
      System.IO.FileSystem.Watcher (>= 4.3)
    Fake.JavaScript.Yarn (5.1)
      Fake.Core.Environment (>= 5.1)
      Fake.Core.Process (>= 5.1)
      FSharp.Core (>= 4.3.4)
    Fake.Tools.Git (5.1)
      Fake.Core.Environment (>= 5.1)
      Fake.Core.Process (>= 5.1)
      Fake.Core.SemVer (>= 5.1)
      Fake.Core.String (>= 5.1)
      Fake.Core.Trace (>= 5.1)
      Fake.IO.FileSystem (>= 5.1)
      FSharp.Core (>= 4.3.4)
    FParsec (1.0.3)
      FSharp.Core (>= 4.2.3)
      NETStandard.Library (>= 1.6.1)
    FSharp.Control.Reactive (4.1)
      FSharp.Core (>= 4.2.3)
      System.Reactive (>= 4.0)
    FSharp.Core (4.5)
    Microsoft.NETCore.Platforms (2.1)
    Microsoft.NETCore.Targets (2.1)
    Microsoft.Win32.Primitives (4.3)
      Microsoft.NETCore.Platforms (>= 1.1)
      Microsoft.NETCore.Targets (>= 1.1)
      System.Runtime (>= 4.3)
    Microsoft.Win32.Registry (4.5)
      System.Buffers (>= 4.4)
      System.Memory (>= 4.5)
      System.Security.AccessControl (>= 4.5)
      System.Security.Principal.Windows (>= 4.5)
    NETStandard.Library (2.0.3)
      Microsoft.NETCore.Platforms (>= 1.1)
    NETStandard.Library.NETFramework (2.0.0-preview2-25405-01)
    Newtonsoft.Json (11.0.2)
    runtime.native.System (4.3)
      Microsoft.NETCore.Platforms (>= 1.1)
      Microsoft.NETCore.Targets (>= 1.1)
    System.Buffers (4.5)
    System.Collections (4.3)
      Microsoft.NETCore.Platforms (>= 1.1)
      Microsoft.NETCore.Targets (>= 1.1)
      System.Runtime (>= 4.3)
    System.Collections.Immutable (1.5)
    System.Diagnostics.Debug (4.3)
      Microsoft.NETCore.Platforms (>= 1.1)
      Microsoft.NETCore.Targets (>= 1.1)
      System.Runtime (>= 4.3)
    System.Diagnostics.FileVersionInfo (4.3)
      Microsoft.NETCore.Platforms (>= 1.1)
      System.Globalization (>= 4.3)
      System.IO (>= 4.3)
      System.IO.FileSystem (>= 4.3)
      System.IO.FileSystem.Primitives (>= 4.3)
      System.Reflection.Metadata (>= 1.4.1)
      System.Runtime (>= 4.3)
      System.Runtime.Extensions (>= 4.3)
      System.Runtime.InteropServices (>= 4.3)
    System.Diagnostics.Process (4.3)
      Microsoft.NETCore.Platforms (>= 1.1)
      Microsoft.Win32.Primitives (>= 4.3)
      Microsoft.Win32.Registry (>= 4.3)
      runtime.native.System (>= 4.3)
      System.Collections (>= 4.3)
      System.Diagnostics.Debug (>= 4.3)
      System.Globalization (>= 4.3)
      System.IO (>= 4.3)
      System.IO.FileSystem (>= 4.3)
      System.IO.FileSystem.Primitives (>= 4.3)
      System.Resources.ResourceManager (>= 4.3)
      System.Runtime (>= 4.3)
      System.Runtime.Extensions (>= 4.3)
      System.Runtime.Handles (>= 4.3)
      System.Runtime.InteropServices (>= 4.3)
      System.Text.Encoding (>= 4.3)
      System.Text.Encoding.Extensions (>= 4.3)
      System.Threading (>= 4.3)
      System.Threading.Tasks (>= 4.3)
      System.Threading.Thread (>= 4.3)
      System.Threading.ThreadPool (>= 4.3)
    System.Globalization (4.3)
      Microsoft.NETCore.Platforms (>= 1.1)
      Microsoft.NETCore.Targets (>= 1.1)
      System.Runtime (>= 4.3)
    System.IO (4.3)
      Microsoft.NETCore.Platforms (>= 1.1)
      Microsoft.NETCore.Targets (>= 1.1)
      System.Runtime (>= 4.3)
      System.Text.Encoding (>= 4.3)
      System.Threading.Tasks (>= 4.3)
    System.IO.FileSystem (4.3)
      Microsoft.NETCore.Platforms (>= 1.1)
      Microsoft.NETCore.Targets (>= 1.1)
      System.IO (>= 4.3)
      System.IO.FileSystem.Primitives (>= 4.3)
      System.Runtime (>= 4.3)
      System.Runtime.Handles (>= 4.3)
      System.Text.Encoding (>= 4.3)
      System.Threading.Tasks (>= 4.3)
    System.IO.FileSystem.Primitives (4.3)
      System.Runtime (>= 4.3)
    System.IO.FileSystem.Watcher (4.3)
      Microsoft.NETCore.Platforms (>= 1.1)
      Microsoft.Win32.Primitives (>= 4.3)
      runtime.native.System (>= 4.3)
      System.Collections (>= 4.3)
      System.IO.FileSystem (>= 4.3)
      System.IO.FileSystem.Primitives (>= 4.3)
      System.Resources.ResourceManager (>= 4.3)
      System.Runtime (>= 4.3)
      System.Runtime.Extensions (>= 4.3)
      System.Runtime.Handles (>= 4.3)
      System.Runtime.InteropServices (>= 4.3)
      System.Text.Encoding (>= 4.3)
      System.Threading (>= 4.3)
      System.Threading.Overlapped (>= 4.3)
      System.Threading.Tasks (>= 4.3)
      System.Threading.Thread (>= 4.3)
    System.Memory (4.5.1)
      System.Buffers (>= 4.4)
      System.Numerics.Vectors (>= 4.4)
      System.Runtime.CompilerServices.Unsafe (>= 4.5)
    System.Numerics.Vectors (4.5)
    System.Reactive (4.0)
      System.Runtime.InteropServices.WindowsRuntime (>= 4.3)
    System.Reactive.Compatibility (4.0)
      System.Reactive.Core (>= 4.0)
      System.Reactive.Interfaces (>= 4.0)
      System.Reactive.Linq (>= 4.0)
      System.Reactive.PlatformServices (>= 4.0)
      System.Reactive.Providers (>= 4.0)
    System.Reactive.Core (4.0)
      System.Reactive (>= 4.0)
    System.Reactive.Interfaces (4.0)
      System.Reactive (>= 4.0)
    System.Reactive.Linq (4.0)
      System.Reactive (>= 4.0)
    System.Reactive.PlatformServices (4.0)
      System.Reactive (>= 4.0)
    System.Reactive.Providers (4.0)
      System.Reactive (>= 4.0)
    System.Reflection (4.3)
      Microsoft.NETCore.Platforms (>= 1.1)
      Microsoft.NETCore.Targets (>= 1.1)
      System.IO (>= 4.3)
      System.Reflection.Primitives (>= 4.3)
      System.Runtime (>= 4.3)
    System.Reflection.Metadata (1.6)
      System.Collections.Immutable (>= 1.5)
    System.Reflection.Primitives (4.3)
      Microsoft.NETCore.Platforms (>= 1.1)
      Microsoft.NETCore.Targets (>= 1.1)
      System.Runtime (>= 4.3)
    System.Resources.ResourceManager (4.3)
      Microsoft.NETCore.Platforms (>= 1.1)
      Microsoft.NETCore.Targets (>= 1.1)
      System.Globalization (>= 4.3)
      System.Reflection (>= 4.3)
      System.Runtime (>= 4.3)
    System.Runtime (4.3)
      Microsoft.NETCore.Platforms (>= 1.1)
      Microsoft.NETCore.Targets (>= 1.1)
    System.Runtime.CompilerServices.Unsafe (4.5.1)
    System.Runtime.Extensions (4.3)
      Microsoft.NETCore.Platforms (>= 1.1)
      Microsoft.NETCore.Targets (>= 1.1)
      System.Runtime (>= 4.3)
    System.Runtime.Handles (4.3)
      Microsoft.NETCore.Platforms (>= 1.1)
      Microsoft.NETCore.Targets (>= 1.1)
      System.Runtime (>= 4.3)
    System.Runtime.InteropServices (4.3)
      Microsoft.NETCore.Platforms (>= 1.1)
      Microsoft.NETCore.Targets (>= 1.1)
      System.Reflection (>= 4.3)
      System.Reflection.Primitives (>= 4.3)
      System.Runtime (>= 4.3)
      System.Runtime.Handles (>= 4.3)
    System.Runtime.InteropServices.WindowsRuntime (4.3)
      System.Runtime (>= 4.3)
    System.Runtime.Numerics (4.3)
      System.Globalization (>= 4.3)
      System.Resources.ResourceManager (>= 4.3)
      System.Runtime (>= 4.3)
      System.Runtime.Extensions (>= 4.3)
    System.Security.AccessControl (4.5)
      System.Security.Principal.Windows (>= 4.5)
    System.Security.Principal.Windows (4.5)
    System.Text.Encoding (4.3)
      Microsoft.NETCore.Platforms (>= 1.1)
      Microsoft.NETCore.Targets (>= 1.1)
      System.Runtime (>= 4.3)
    System.Text.Encoding.Extensions (4.3)
      Microsoft.NETCore.Platforms (>= 1.1)
      Microsoft.NETCore.Targets (>= 1.1)
      System.Runtime (>= 4.3)
      System.Text.Encoding (>= 4.3)
    System.Threading (4.3)
      System.Runtime (>= 4.3)
      System.Threading.Tasks (>= 4.3)
    System.Threading.Overlapped (4.3)
      Microsoft.NETCore.Platforms (>= 1.1)
      System.Resources.ResourceManager (>= 4.3)
      System.Runtime (>= 4.3)
      System.Runtime.Handles (>= 4.3)
    System.Threading.Tasks (4.3)
      Microsoft.NETCore.Platforms (>= 1.1)
      Microsoft.NETCore.Targets (>= 1.1)
      System.Runtime (>= 4.3)
    System.Threading.Thread (4.3)
      System.Runtime (>= 4.3)
    System.Threading.ThreadPool (4.3)
      System.Runtime (>= 4.3)
      System.Runtime.Handles (>= 4.3)
